PATH
  remote: .
  specs:
    e6b (0.1.0)

GEM
  remote: https://rubygems.org/
  specs:
    minitest (5.10.3)
    rake (10.4.2)

PLATFORMS
  ruby

DEPENDENCIES
  bundler (~> 1.16.a)
  e6b!
  minitest (~> 5.0)
  rake (~> 10.0)

BUNDLED WITH
   1.16.0.pre.2
